PATH
  remote: .
  specs:
    opentoken-newrelic-rails23 (1.2.2)
      activesupport (~> 2.3.14)
      i18n

GEM
  remote: http://rubygems.org/
  specs:
    activesupport (2.3.18)
    concurrent-ruby (1.2.2)
    i18n (1.14.1)
      concurrent-ruby (~> 1.0)
    rake (0.9.2)
    shoulda (2.11.3)
    timecop (0.3.5)

PLATFORMS
  x86_64-darwin-20

DEPENDENCIES
  opentoken-newrelic-rails23!
  rake (= 0.9.2)
  shoulda (= 2.11.3)
  timecop (= 0.3.5)

BUNDLED WITH
   2.2.27
